GEM
  remote: https://rubygems.org/
  specs:
    connection_pool (2.3.0)
    hiredis-client (0.9.0)
      redis-client (= 0.9.0)
    redis (5.0.5)
      redis-client (>= 0.9.0)
    redis-client (0.9.0)
      connection_pool

PLATFORMS
  arm64-darwin-21

DEPENDENCIES
  hiredis-client
  redis (= 5.0.5)

BUNDLED WITH
   2.3.7
